PATH
  remote: .
  specs:
    ichiban (1.2.8)
      activesupport (~> 4, >= 4.1.5)
      bundler (~> 1, >= 1.5.1)
      ejs (~> 1, >= 1.1.1)
      erubis (~> 2, >= 2.7.0)
      listen (~> 2, >= 2.10.1)
      sass (~> 3, >= 3.3.14)
      source_map (>= 3.0.1)
      therubyracer (~> 0, >= 0.12.2)
      uglifier (~> 2, >= 2.7.2)

GEM
  remote: https://rubygems.org/
  specs:
    activesupport (4.2.4)
      i18n (~> 0.7)
      json (~> 1.7, >= 1.7.7)
      minitest (~> 5.1)
      thread_safe (~> 0.3, >= 0.3.4)
      tzinfo (~> 1.1)
    ansi (1.5.0)
    builder (3.2.2)
    celluloid (0.16.0)
      timers (~> 4.0.0)
    ejs (1.1.1)
    erubis (2.7.0)
    execjs (2.6.0)
    ffi (1.9.10)
    hitimes (1.2.2)
    i18n (0.7.0)
    json (1.8.3)
    json-compare (0.1.8)
    libv8 (3.16.14.11)
    listen (2.10.1)
      celluloid (~> 0.16.0)
      rb-fsevent (>= 0.9.3)
      rb-inotify (>= 0.9)
    lorax (0.2.0)
      nokogiri (>= 1.4.0)
    metaclass (0.0.4)
    mini_portile (0.6.2)
    minitest (5.8.0)
    minitest-reporters (1.1.0)
      ansi
      builder
      minitest (>= 5.0)
      ruby-progressbar
    mocha (1.1.0)
      metaclass (~> 0.0.1)
    nokogiri (1.6.6.2)
      mini_portile (~> 0.6.0)
    rake (10.4.2)
    rb-fsevent (0.9.6)
    rb-inotify (0.9.5)
      ffi (>= 0.5.0)
    rdiscount (2.1.8)
    ref (2.0.0)
    ruby-progressbar (1.7.5)
    sass (3.4.18)
    source_map (3.0.1)
      json
    therubyracer (0.12.2)
      libv8 (~> 3.16.14.0)
      ref
    thread_safe (0.3.5)
    timers (4.0.4)
      hitimes
    tzinfo (1.2.2)
      thread_safe (~> 0.1)
    uglifier (2.7.2)
      execjs (>= 0.3.0)
      json (>= 1.8.0)

PLATFORMS
  ruby

DEPENDENCIES
  ichiban!
  json-compare (~> 0, >= 0.1.8)
  lorax (~> 0, >= 0.2.0)
  minitest (~> 5, >= 5.4.1)
  minitest-reporters (~> 1, >= 1.0.5)
  mocha (~> 1, >= 1.1.0)
  rake (~> 10, >= 10.3.2)
  rdiscount (~> 2, >= 2.1.7)
