PATH
  remote: .
  specs:
    ichiban (1.0.13)
      activesupport (~> 4, >= 4.1.5)
      bundler (~> 1, >= 1.5.1)
      ejs (~> 1, >= 1.1.1)
      erubis (~> 2, >= 2.7.0)
      listen (~> 2, >= 2.7.9)
      sass (~> 3, >= 3.3.14)

GEM
  remote: https://rubygems.org/
  specs:
    activesupport (4.1.5)
      i18n (~> 0.6, >= 0.6.9)
      json (~> 1.7, >= 1.7.7)
      minitest (~> 5.1)
      thread_safe (~> 0.1)
      tzinfo (~> 1.1)
    ansi (1.4.3)
    builder (3.2.2)
    celluloid (0.15.2)
      timers (~> 1.1.0)
    ejs (1.1.1)
    erubis (2.7.0)
    ffi (1.9.3)
    i18n (0.6.11)
    json (1.8.1)
    listen (2.7.9)
      celluloid (>= 0.15.2)
      rb-fsevent (>= 0.9.3)
      rb-inotify (>= 0.9)
    lorax (0.2.0)
      nokogiri (>= 1.4.0)
    metaclass (0.0.4)
    mini_portile (0.6.0)
    minitest (5.4.1)
    minitest-reporters (1.0.5)
      ansi
      builder
      minitest (>= 5.0)
      ruby-progressbar
    mocha (1.1.0)
      metaclass (~> 0.0.1)
    nokogiri (1.6.3.1)
      mini_portile (= 0.6.0)
    rb-fsevent (0.9.4)
    rb-inotify (0.9.5)
      ffi (>= 0.5.0)
    ruby-progressbar (1.5.1)
    sass (3.3.14)
    thread_safe (0.3.4)
    timers (1.1.0)
    tzinfo (1.2.2)
      thread_safe (~> 0.1)

PLATFORMS
  ruby

DEPENDENCIES
  ichiban!
  lorax (~> 0, >= 0.2.0)
  minitest (~> 5, >= 5.4.1)
  minitest-reporters (~> 1, >= 1.0.5)
  mocha (~> 1, >= 1.1.0)
