PATH
  remote: .
  specs:
    ichiban (1.2.10)
      activesupport (>= 4.2.8)
      bundler (~> 1, >= 1.13.6)
      ejs (~> 1, >= 1.1.1)
      erubis (~> 2, >= 2.7.0)
      listen (~> 3, >= 3.1.5)
      sass (~> 3, >= 3.3.14)
      sourcemap (~> 0, >= 0.1.1)
      therubyracer (~> 0, >= 0.12.2)
      uglifier (~> 3, >= 3.2.0)

GEM
  remote: https://rubygems.org/
  specs:
    activesupport (5.1.1)
      concurrent-ruby (~> 1.0, >= 1.0.2)
      i18n (~> 0.7)
      minitest (~> 5.1)
      tzinfo (~> 1.1)
    ansi (1.5.0)
    builder (3.2.3)
    concurrent-ruby (1.0.5)
    ejs (1.1.1)
    erubis (2.7.0)
    execjs (2.7.0)
    ffi (1.9.18)
    i18n (0.8.1)
    json-compare (0.1.8)
    libv8 (3.16.14.19-x86_64-darwin-15)
    listen (3.1.5)
      rb-fsevent (~> 0.9, >= 0.9.4)
      rb-inotify (~> 0.9, >= 0.9.7)
      ruby_dep (~> 1.2)
    lorax (0.2.0)
      nokogiri (>= 1.4.0)
    metaclass (0.0.4)
    mini_portile2 (2.1.0)
    minitest (5.10.2)
    minitest-reporters (1.1.14)
      ansi
      builder
      minitest (>= 5.0)
      ruby-progressbar
    mocha (1.2.1)
      metaclass (~> 0.0.1)
    nokogiri (1.7.2)
      mini_portile2 (~> 2.1.0)
    rake (12.0.0)
    rb-fsevent (0.9.8)
    rb-inotify (0.9.8)
      ffi (>= 0.5.0)
    rdiscount (2.2.0.1)
    ref (2.0.0)
    ruby-progressbar (1.8.1)
    ruby_dep (1.5.0)
    sass (3.4.23)
    sourcemap (0.1.1)
    therubyracer (0.12.3)
      libv8 (~> 3.16.14.15)
      ref
    thread_safe (0.3.6)
    tzinfo (1.2.3)
      thread_safe (~> 0.1)
    uglifier (3.2.0)
      execjs (>= 0.3.0, < 3)

PLATFORMS
  ruby

DEPENDENCIES
  ichiban!
  json-compare (~> 0, >= 0.1.8)
  lorax (~> 0, >= 0.2.0)
  minitest (~> 5, >= 5.10.2)
  minitest-reporters (~> 1, >= 1.1.14)
  mocha (~> 1, >= 1.2.1)
  rake (~> 12, >= 12.0.0)
  rdiscount (~> 2, >= 2.1.8)

BUNDLED WITH
   1.15.0
