PATH
  remote: .
  specs:
    ichiban (1.0.13)
      activesupport
      bundler
      ejs
      erubis
      listen (= 0.7.3)
      sass

GEM
  remote: https://rubygems.org/
  specs:
    activesupport (4.0.8)
      i18n (~> 0.6, >= 0.6.9)
      minitest (~> 4.2)
      multi_json (~> 1.3)
      thread_safe (~> 0.1)
      tzinfo (~> 0.3.37)
    ansi (1.4.3)
    ejs (1.1.1)
    erubis (2.7.0)
    i18n (0.6.11)
    listen (0.7.3)
    lorax (0.2.0)
      nokogiri (>= 1.4.0)
    metaclass (0.0.4)
    mini_portile (0.6.0)
    minitest (4.7.5)
    mocha (1.1.0)
      metaclass (~> 0.0.1)
    multi_json (1.10.1)
    nokogiri (1.6.3.1)
      mini_portile (= 0.6.0)
    sass (3.3.14)
    thread_safe (0.3.4)
    turn (0.9.7)
      ansi
      minitest (~> 4)
    tzinfo (0.3.41)

PLATFORMS
  ruby

DEPENDENCIES
  ichiban!
  lorax
  mocha
  turn
